PATH
  remote: .
  specs:
    cinch-last_seen (0.0.2)
      cinch (~> 1.0)
      redis (~> 2.2.2)
      redis-namespace (~> 1.1.0)

GEM
  remote: http://rubygems.org/
  specs:
    cinch (1.1.3)
    redis (2.2.2)
    redis-namespace (1.1.0)
      redis (< 3.0.0)

PLATFORMS
  ruby

DEPENDENCIES
  cinch-last_seen!
