PATH
  remote: .
  specs:
    cinch-last_seen (0.0.2)
      cinch (~> 1.0)
      redis (~> 2.2.2)
      redis-namespace (~> 1.1.0)

GEM
  remote: http://rubygems.org/
  specs:
    cinch (1.1.3)
    metaclass (0.0.1)
    minitest (2.5.1)
    mocha (0.10.0)
      metaclass (~> 0.0.1)
    redis (2.2.2)
    redis-namespace (1.1.0)
      redis (< 3.0.0)
    timecop (0.3.5)

PLATFORMS
  ruby

DEPENDENCIES
  cinch-last_seen!
  minitest
  mocha
  timecop
